RESTRICTION: == netstandard2.0
NUGET
  remote: https://api.nuget.org/v3/index.json
    ExcelDataReader (3.7)
    ExcelDataReader.DataSet (3.7)
      ExcelDataReader (>= 3.7)
    FSharp.Core (6.0.7)
    Microsoft.NET.Test.Sdk (17.11.1)
    Microsoft.NETCore.Platforms (7.0.4)
    NETStandard.Library (2.0.3)
      Microsoft.NETCore.Platforms (>= 1.1)
    System.Buffers (4.5.1)
    System.Memory (4.5.5)
      System.Buffers (>= 4.5.1)
      System.Numerics.Vectors (>= 4.4)
      System.Runtime.CompilerServices.Unsafe (>= 4.5.3)
    System.Numerics.Vectors (4.5)
    System.Runtime.CompilerServices.Unsafe (6.0)
    System.Text.Encoding.CodePages (6.0)
      System.Memory (>= 4.5.4)
      System.Runtime.CompilerServices.Unsafe (>= 6.0)
GITHUB
  remote: fsprojects/FSharp.TypeProviders.SDK
    src/ProvidedTypes.fs (3a9510e466cb8ab04e0b86841dc777994909f881)
    src/ProvidedTypes.fsi (3a9510e466cb8ab04e0b86841dc777994909f881)
GROUP Build
GENERATE-LOAD-SCRIPTS: ON
RESTRICTION: || (== net6.0) (== netstandard2.0)
NUGET
  remote: https://api.nuget.org/v3/index.json
    BlackFox.VsWhere (1.1)
      FSharp.Core (>= 4.2.3)
      Microsoft.Win32.Registry (>= 4.7)
    Fake.Api.GitHub (6.0)
      FSharp.Core (>= 6.0.3)
      Octokit (>= 0.50)
    Fake.Core.CommandLineParsing (6.0)
      FParsec (>= 1.1.1)
      FSharp.Core (>= 6.0.3)
    Fake.Core.Context (6.0)
      FSharp.Core (>= 6.0.3)
    Fake.Core.Environment (6.0)
      FSharp.Core (>= 6.0.3)
    Fake.Core.FakeVar (6.0)
      Fake.Core.Context (>= 6.0)
      FSharp.Core (>= 6.0.3)
    Fake.Core.Process (6.0)
      Fake.Core.Environment (>= 6.0)
      Fake.Core.FakeVar (>= 6.0)
      Fake.Core.String (>= 6.0)
      Fake.Core.Trace (>= 6.0)
      Fake.IO.FileSystem (>= 6.0)
      FSharp.Core (>= 6.0.3)
      System.Collections.Immutable (>= 6.0)
    Fake.Core.ReleaseNotes (6.0)
      Fake.Core.SemVer (>= 6.0)
      Fake.Core.String (>= 6.0)
      FSharp.Core (>= 6.0.3)
    Fake.Core.SemVer (6.0)
      FSharp.Core (>= 6.0.3)
    Fake.Core.String (6.0)
      FSharp.Core (>= 6.0.3)
    Fake.Core.Target (6.0)
      Fake.Core.CommandLineParsing (>= 6.0)
      Fake.Core.Context (>= 6.0)
      Fake.Core.Environment (>= 6.0)
      Fake.Core.FakeVar (>= 6.0)
      Fake.Core.Process (>= 6.0)
      Fake.Core.String (>= 6.0)
      Fake.Core.Trace (>= 6.0)
      FSharp.Control.Reactive (>= 5.0.2)
      FSharp.Core (>= 6.0.3)
    Fake.Core.Tasks (6.0)
      Fake.Core.Trace (>= 6.0)
      FSharp.Core (>= 6.0.3)
    Fake.Core.Trace (6.0)
      Fake.Core.Environment (>= 6.0)
      Fake.Core.FakeVar (>= 6.0)
      FSharp.Core (>= 6.0.3)
    Fake.Core.UserInput (6.0)
      FSharp.Core (>= 6.0.3)
    Fake.Core.Xml (6.0)
      Fake.Core.String (>= 6.0)
      FSharp.Core (>= 6.0.3)
    Fake.DotNet.AssemblyInfoFile (6.0)
      Fake.Core.Environment (>= 6.0)
      Fake.Core.String (>= 6.0)
      Fake.Core.Trace (>= 6.0)
      Fake.IO.FileSystem (>= 6.0)
      FSharp.Core (>= 6.0.3)
    Fake.DotNet.Cli (6.0)
      Fake.Core.Environment (>= 6.0)
      Fake.Core.Process (>= 6.0)
      Fake.Core.String (>= 6.0)
      Fake.Core.Trace (>= 6.0)
      Fake.DotNet.MSBuild (>= 6.0)
      Fake.DotNet.NuGet (>= 6.0)
      Fake.IO.FileSystem (>= 6.0)
      FSharp.Core (>= 6.0.3)
      Mono.Posix.NETStandard (>= 1.0)
      Newtonsoft.Json (>= 13.0.1)
    Fake.DotNet.MSBuild (6.0)
      BlackFox.VsWhere (>= 1.1)
      Fake.Core.Environment (>= 6.0)
      Fake.Core.Process (>= 6.0)
      Fake.Core.String (>= 6.0)
      Fake.Core.Trace (>= 6.0)
      Fake.IO.FileSystem (>= 6.0)
      FSharp.Core (>= 6.0.3)
      MSBuild.StructuredLogger (>= 2.1.545)
    Fake.DotNet.NuGet (6.0)
      Fake.Core.Environment (>= 6.0)
      Fake.Core.Process (>= 6.0)
      Fake.Core.SemVer (>= 6.0)
      Fake.Core.String (>= 6.0)
      Fake.Core.Tasks (>= 6.0)
      Fake.Core.Trace (>= 6.0)
      Fake.Core.Xml (>= 6.0)
      Fake.IO.FileSystem (>= 6.0)
      Fake.Net.Http (>= 6.0)
      FSharp.Core (>= 6.0.3)
      Newtonsoft.Json (>= 13.0.1)
      NuGet.Protocol (>= 6.0)
    Fake.DotNet.Paket (6.0)
      Fake.Core.Process (>= 6.0)
      Fake.Core.String (>= 6.0)
      Fake.Core.Trace (>= 6.0)
      Fake.DotNet.Cli (>= 6.0)
      Fake.IO.FileSystem (>= 6.0)
      FSharp.Core (>= 6.0.3)
    Fake.DotNet.Testing.NUnit (6.0)
      Fake.Core.Environment (>= 6.0)
      Fake.Core.Process (>= 6.0)
      Fake.Core.String (>= 6.0)
      Fake.Core.Trace (>= 6.0)
      Fake.IO.FileSystem (>= 6.0)
      Fake.Testing.Common (>= 6.0)
      FSharp.Core (>= 6.0.3)
    Fake.IO.FileSystem (6.0)
      Fake.Core.String (>= 6.0)
      Fake.Core.Trace (>= 6.0)
      FSharp.Core (>= 6.0.3)
    Fake.Net.Http (6.0)
      Fake.Core.Trace (>= 6.0)
      FSharp.Core (>= 6.0.3)
    Fake.Testing.Common (6.0)
      Fake.Core.Trace (>= 6.0)
      FSharp.Core (>= 6.0.3)
    Fake.Tools.Git (6.0)
      Fake.Core.Environment (>= 6.0)
      Fake.Core.Process (>= 6.0)
      Fake.Core.SemVer (>= 6.0)
      Fake.Core.String (>= 6.0)
      Fake.Core.Trace (>= 6.0)
      Fake.IO.FileSystem (>= 6.0)
      FSharp.Core (>= 6.0.3)
    FParsec (1.1.1)
      FSharp.Core (>= 4.3.4)
    FSharp.Compiler.Service (41.0.7)
      FSharp.Core (6.0.7)
      Microsoft.Build.Framework (>= 17.0)
      Microsoft.Build.Tasks.Core (>= 17.0)
      Microsoft.Build.Utilities.Core (>= 17.0)
      System.Buffers (>= 4.5.1)
      System.Collections.Immutable (>= 5.0)
      System.Diagnostics.Process (>= 4.3)
      System.Diagnostics.TraceSource (>= 4.3)
      System.Linq.Expressions (>= 4.3)
      System.Linq.Queryable (>= 4.3)
      System.Memory (>= 4.5.4)
      System.Net.Requests (>= 4.3)
      System.Net.Security (>= 4.3.1)
      System.Reflection.Emit (>= 4.3)
      System.Reflection.Metadata (>= 5.0)
      System.Reflection.TypeExtensions (>= 4.3)
      System.Runtime (>= 4.3)
      System.Runtime.CompilerServices.Unsafe (>= 6.0)
      System.Runtime.InteropServices (>= 4.3)
      System.Runtime.Loader (>= 4.3)
      System.Security.Claims (>= 4.3)
      System.Security.Cryptography.Algorithms (>= 4.3)
      System.Security.Principal (>= 4.3)
      System.Threading.Tasks.Parallel (>= 4.3)
      System.Threading.Thread (>= 4.3)
      System.Threading.ThreadPool (>= 4.3)
    FSharp.Control.Reactive (5.0.5)
      FSharp.Core (>= 4.7.2)
      System.Reactive (>= 5.0 < 6.0)
    FSharp.Core (6.0.7)
    Microsoft.Build (17.3.2)
      Microsoft.Build.Framework (>= 17.3.2) - restriction: || (== net6.0) (&& (== netstandard2.0) (>= net472)) (&& (== netstandard2.0) (>= net6.0))
      Microsoft.NET.StringTools (>= 17.3.2) - restriction: || (== net6.0) (&& (== netstandard2.0) (>= net472)) (&& (== netstandard2.0) (>= net6.0))
      System.Collections.Immutable (>= 6.0) - restriction: || (== net6.0) (&& (== netstandard2.0) (>= net472)) (&& (== netstandard2.0) (>= net6.0))
      System.Configuration.ConfigurationManager (>= 6.0) - restriction: || (== net6.0) (&& (== netstandard2.0) (>= net472)) (&& (== netstandard2.0) (>= net6.0))
      System.Reflection.Metadata (>= 6.0) - restriction: || (== net6.0) (&& (== netstandard2.0) (>= net6.0))
      System.Reflection.MetadataLoadContext (>= 6.0) - restriction: || (== net6.0) (&& (== netstandard2.0) (>= net472)) (&& (== netstandard2.0) (>= net6.0))
      System.Security.Principal.Windows (>= 5.0) - restriction: || (== net6.0) (&& (== netstandard2.0) (>= net6.0))
      System.Text.Encoding.CodePages (>= 6.0) - restriction: || (== net6.0) (&& (== netstandard2.0) (>= net6.0))
      System.Text.Json (>= 6.0) - restriction: || (== net6.0) (&& (== netstandard2.0) (>= net472)) (&& (== netstandard2.0) (>= net6.0))
      System.Threading.Tasks.Dataflow (>= 6.0) - restriction: || (== net6.0) (&& (== netstandard2.0) (>= net472)) (&& (== netstandard2.0) (>= net6.0))
    Microsoft.Build.Framework (17.3.2)
      System.Security.Permissions (>= 6.0)
    Microsoft.Build.Tasks.Core (17.3.2)
      Microsoft.Build.Framework (>= 17.3.2)
      Microsoft.Build.Utilities.Core (>= 17.3.2)
      Microsoft.NET.StringTools (>= 17.3.2)
      Microsoft.Win32.Registry (>= 5.0) - restriction: == netstandard2.0
      System.CodeDom (>= 6.0)
      System.Collections.Immutable (>= 6.0)
      System.Reflection.Metadata (>= 6.0)
      System.Resources.Extensions (>= 6.0)
      System.Security.Cryptography.Pkcs (>= 6.0.1)
      System.Security.Cryptography.Xml (>= 6.0)
      System.Security.Permissions (>= 6.0)
      System.Threading.Tasks.Dataflow (>= 6.0)
    Microsoft.Build.Utilities.Core (17.3.2)
      Microsoft.Build.Framework (>= 17.3.2)
      Microsoft.NET.StringTools (>= 17.3.2)
      Microsoft.Win32.Registry (>= 5.0) - restriction: == netstandard2.0
      System.Collections.Immutable (>= 6.0)
      System.Configuration.ConfigurationManager (>= 6.0)
      System.Security.Permissions (>= 6.0) - restriction: == netstandard2.0
      System.Text.Encoding.CodePages (>= 6.0) - restriction: == netstandard2.0
    Microsoft.NET.StringTools (17.11.4)
      System.Memory (>= 4.5.5)
      System.Runtime.CompilerServices.Unsafe (>= 6.0)
    Microsoft.NETCore.Platforms (7.0.4)
    Microsoft.NETCore.Targets (5.0)
    Microsoft.Win32.Primitives (4.3)
      Microsoft.NETCore.Platforms (>= 1.1)
      Microsoft.NETCore.Targets (>= 1.1)
      System.Runtime (>= 4.3)
    Microsoft.Win32.Registry (5.0)
      System.Buffers (>= 4.5.1) - restriction: || (&& (== net6.0) (>= monoandroid) (< netstandard1.3)) (&& (== net6.0) (>= monotouch)) (&& (== net6.0) (< netcoreapp2.0)) (&& (== net6.0) (>= xamarinios)) (&& (== net6.0) (>= xamarinmac)) (&& (== net6.0) (>= xamarintvos)) (&& (== net6.0) (>= xamarinwatchos)) (== netstandard2.0)
      System.Memory (>= 4.5.4) - restriction: || (&& (== net6.0) (< netcoreapp2.0)) (&& (== net6.0) (< netcoreapp2.1)) (&& (== net6.0) (>= uap10.1)) (== netstandard2.0)
      System.Security.AccessControl (>= 5.0)
      System.Security.Principal.Windows (>= 5.0)
    Mono.Posix.NETStandard (1.0)
    MSBuild.StructuredLogger (2.1.815)
      Microsoft.Build.Framework (>= 16.10)
      Microsoft.Build.Utilities.Core (>= 16.10)
    Newtonsoft.Json (13.0.3)
    NuGet.Common (6.11)
      NuGet.Frameworks (>= 6.11)
    NuGet.Configuration (6.11)
      NuGet.Common (>= 6.11)
      System.Security.Cryptography.ProtectedData (>= 4.4)
    NuGet.Frameworks (6.11)
    NuGet.Packaging (6.11)
      Newtonsoft.Json (>= 13.0.3)
      NuGet.Configuration (>= 6.11)
      NuGet.Versioning (>= 6.11)
      System.Security.Cryptography.Pkcs (>= 6.0.4)
    NuGet.Protocol (6.11)
      NuGet.Packaging (>= 6.11)
      System.Text.Json (>= 7.0.3) - restriction: || (&& (== net6.0) (>= net472)) (&& (== net6.0) (< net5.0)) (== netstandard2.0)
    NuGet.Versioning (6.11)
    Octokit (13.0.1)
    runtime.debian.8-x64.runtime.native.System.Security.Cryptography.OpenSsl (4.3.3)
    runtime.debian.9-x64.runtime.native.System.Security.Cryptography.OpenSsl (4.3.3)
    runtime.fedora.23-x64.runtime.native.System.Security.Cryptography.OpenSsl (4.3.3)
    runtime.fedora.24-x64.runtime.native.System.Security.Cryptography.OpenSsl (4.3.3)
    runtime.fedora.27-x64.runtime.native.System.Security.Cryptography.OpenSsl (4.3.3)
    runtime.fedora.28-x64.runtime.native.System.Security.Cryptography.OpenSsl (4.3.3)
    runtime.native.System (4.3.1)
      Microsoft.NETCore.Platforms (>= 1.1.1)
      Microsoft.NETCore.Targets (>= 1.1.3)
    runtime.native.System.Net.Http (4.3.1)
      Microsoft.NETCore.Platforms (>= 1.1.1)
      Microsoft.NETCore.Targets (>= 1.1.3)
    runtime.native.System.Net.Security (4.3.1)
      Microsoft.NETCore.Platforms (>= 1.1.1)
      Microsoft.NETCore.Targets (>= 1.1.3)
    runtime.native.System.Security.Cryptography.Apple (4.3.1)
      runtime.osx.10.10-x64.runtime.native.System.Security.Cryptography.Apple (>= 4.3.1)
    runtime.native.System.Security.Cryptography.OpenSsl (4.3.3)
      runtime.debian.8-x64.runtime.native.System.Security.Cryptography.OpenSsl (>= 4.3.3)
      runtime.debian.9-x64.runtime.native.System.Security.Cryptography.OpenSsl (>= 4.3.3)
      runtime.fedora.23-x64.runtime.native.System.Security.Cryptography.OpenSsl (>= 4.3.3)
      runtime.fedora.24-x64.runtime.native.System.Security.Cryptography.OpenSsl (>= 4.3.3)
      runtime.fedora.27-x64.runtime.native.System.Security.Cryptography.OpenSsl (>= 4.3.3)
      runtime.fedora.28-x64.runtime.native.System.Security.Cryptography.OpenSsl (>= 4.3.3)
      runtime.opensuse.13.2-x64.runtime.native.System.Security.Cryptography.OpenSsl (>= 4.3.3)
      runtime.opensuse.42.1-x64.runtime.native.System.Security.Cryptography.OpenSsl (>= 4.3.3)
      runtime.opensuse.42.3-x64.runtime.native.System.Security.Cryptography.OpenSsl (>= 4.3.3)
      runtime.osx.10.10-x64.runtime.native.System.Security.Cryptography.OpenSsl (>= 4.3.3)
      runtime.rhel.7-x64.runtime.native.System.Security.Cryptography.OpenSsl (>= 4.3.3)
      runtime.ubuntu.14.04-x64.runtime.native.System.Security.Cryptography.OpenSsl (>= 4.3.3)
      runtime.ubuntu.16.04-x64.runtime.native.System.Security.Cryptography.OpenSsl (>= 4.3.3)
      runtime.ubuntu.16.10-x64.runtime.native.System.Security.Cryptography.OpenSsl (>= 4.3.3)
      runtime.ubuntu.18.04-x64.runtime.native.System.Security.Cryptography.OpenSsl (>= 4.3.3)
    runtime.opensuse.13.2-x64.runtime.native.System.Security.Cryptography.OpenSsl (4.3.3)
    runtime.opensuse.42.1-x64.runtime.native.System.Security.Cryptography.OpenSsl (4.3.3)
    runtime.opensuse.42.3-x64.runtime.native.System.Security.Cryptography.OpenSsl (4.3.3)
    runtime.osx.10.10-x64.runtime.native.System.Security.Cryptography.Apple (4.3.1)
    runtime.osx.10.10-x64.runtime.native.System.Security.Cryptography.OpenSsl (4.3.3)
    runtime.rhel.7-x64.runtime.native.System.Security.Cryptography.OpenSsl (4.3.3)
    runtime.ubuntu.14.04-x64.runtime.native.System.Security.Cryptography.OpenSsl (4.3.3)
    runtime.ubuntu.16.04-x64.runtime.native.System.Security.Cryptography.OpenSsl (4.3.3)
    runtime.ubuntu.16.10-x64.runtime.native.System.Security.Cryptography.OpenSsl (4.3.3)
    runtime.ubuntu.18.04-x64.runtime.native.System.Security.Cryptography.OpenSsl (4.3.3)
    System.Buffers (4.5.1)
    System.CodeDom (8.0)
    System.Collections (4.3)
      Microsoft.NETCore.Platforms (>= 1.1)
      Microsoft.NETCore.Targets (>= 1.1)
      System.Runtime (>= 4.3)
    System.Collections.Concurrent (4.3)
      System.Collections (>= 4.3)
      System.Diagnostics.Debug (>= 4.3)
      System.Diagnostics.Tracing (>= 4.3)
      System.Globalization (>= 4.3)
      System.Reflection (>= 4.3)
      System.Resources.ResourceManager (>= 4.3)
      System.Runtime (>= 4.3)
      System.Runtime.Extensions (>= 4.3)
      System.Threading (>= 4.3)
      System.Threading.Tasks (>= 4.3)
    System.Collections.Immutable (8.0)
      System.Runtime.CompilerServices.Unsafe (>= 6.0)
    System.Configuration.ConfigurationManager (8.0)
      System.Security.Cryptography.ProtectedData (>= 8.0)
    System.Diagnostics.Debug (4.3)
      Microsoft.NETCore.Platforms (>= 1.1)
      Microsoft.NETCore.Targets (>= 1.1)
      System.Runtime (>= 4.3)
    System.Diagnostics.DiagnosticSource (8.0.1)
      System.Memory (>= 4.5.5) - restriction: || (&& (== net6.0) (>= net462)) (== netstandard2.0)
      System.Runtime.CompilerServices.Unsafe (>= 6.0)
    System.Diagnostics.Process (4.3)
      Microsoft.NETCore.Platforms (>= 1.1)
      Microsoft.Win32.Primitives (>= 4.3)
      Microsoft.Win32.Registry (>= 4.3)
      runtime.native.System (>= 4.3)
      System.Collections (>= 4.3)
      System.Diagnostics.Debug (>= 4.3)
      System.Globalization (>= 4.3)
      System.IO (>= 4.3)
      System.IO.FileSystem (>= 4.3)
      System.IO.FileSystem.Primitives (>= 4.3)
      System.Resources.ResourceManager (>= 4.3)
      System.Runtime (>= 4.3)
      System.Runtime.Extensions (>= 4.3)
      System.Runtime.Handles (>= 4.3)
      System.Runtime.InteropServices (>= 4.3)
      System.Text.Encoding (>= 4.3)
      System.Text.Encoding.Extensions (>= 4.3)
      System.Threading (>= 4.3)
      System.Threading.Tasks (>= 4.3)
      System.Threading.Thread (>= 4.3)
      System.Threading.ThreadPool (>= 4.3)
    System.Diagnostics.TraceSource (4.3)
      Microsoft.NETCore.Platforms (>= 1.1)
      runtime.native.System (>= 4.3)
      System.Collections (>= 4.3)
      System.Diagnostics.Debug (>= 4.3)
      System.Globalization (>= 4.3)
      System.Resources.ResourceManager (>= 4.3)
      System.Runtime (>= 4.3)
      System.Runtime.Extensions (>= 4.3)
      System.Threading (>= 4.3)
    System.Diagnostics.Tracing (4.3)
      Microsoft.NETCore.Platforms (>= 1.1)
      Microsoft.NETCore.Targets (>= 1.1)
      System.Runtime (>= 4.3)
    System.Formats.Asn1 (8.0.1)
      System.Buffers (>= 4.5.1) - restriction: || (&& (== net6.0) (>= net462)) (== netstandard2.0)
      System.Memory (>= 4.5.5) - restriction: || (&& (== net6.0) (>= net462)) (== netstandard2.0)
    System.Globalization (4.3)
      Microsoft.NETCore.Platforms (>= 1.1)
      Microsoft.NETCore.Targets (>= 1.1)
      System.Runtime (>= 4.3)
    System.Globalization.Calendars (4.3)
      Microsoft.NETCore.Platforms (>= 1.1)
      Microsoft.NETCore.Targets (>= 1.1)
      System.Globalization (>= 4.3)
      System.Runtime (>= 4.3)
    System.Globalization.Extensions (4.3)
      Microsoft.NETCore.Platforms (>= 1.1)
      System.Globalization (>= 4.3)
      System.Resources.ResourceManager (>= 4.3)
      System.Runtime (>= 4.3)
      System.Runtime.Extensions (>= 4.3)
      System.Runtime.InteropServices (>= 4.3)
    System.IO (4.3)
      Microsoft.NETCore.Platforms (>= 1.1)
      Microsoft.NETCore.Targets (>= 1.1)
      System.Runtime (>= 4.3)
      System.Text.Encoding (>= 4.3)
      System.Threading.Tasks (>= 4.3)
    System.IO.FileSystem (4.3)
      Microsoft.NETCore.Platforms (>= 1.1)
      Microsoft.NETCore.Targets (>= 1.1)
      System.IO (>= 4.3)
      System.IO.FileSystem.Primitives (>= 4.3)
      System.Runtime (>= 4.3)
      System.Runtime.Handles (>= 4.3)
      System.Text.Encoding (>= 4.3)
      System.Threading.Tasks (>= 4.3)
    System.IO.FileSystem.Primitives (4.3)
      System.Runtime (>= 4.3)
    System.Linq (4.3)
      System.Collections (>= 4.3)
      System.Diagnostics.Debug (>= 4.3)
      System.Resources.ResourceManager (>= 4.3)
      System.Runtime (>= 4.3)
      System.Runtime.Extensions (>= 4.3)
    System.Linq.Expressions (4.3)
      System.Collections (>= 4.3)
      System.Diagnostics.Debug (>= 4.3)
      System.Globalization (>= 4.3)
      System.IO (>= 4.3)
      System.Linq (>= 4.3)
      System.ObjectModel (>= 4.3)
      System.Reflection (>= 4.3)
      System.Reflection.Emit (>= 4.3)
      System.Reflection.Emit.ILGeneration (>= 4.3)
      System.Reflection.Emit.Lightweight (>= 4.3)
      System.Reflection.Extensions (>= 4.3)
      System.Reflection.Primitives (>= 4.3)
      System.Reflection.TypeExtensions (>= 4.3)
      System.Resources.ResourceManager (>= 4.3)
      System.Runtime (>= 4.3)
      System.Runtime.Extensions (>= 4.3)
      System.Threading (>= 4.3)
    System.Linq.Queryable (4.3)
      System.Collections (>= 4.3)
      System.Diagnostics.Debug (>= 4.3)
      System.Linq (>= 4.3)
      System.Linq.Expressions (>= 4.3)
      System.Reflection (>= 4.3)
      System.Reflection.Extensions (>= 4.3)
      System.Resources.ResourceManager (>= 4.3)
      System.Runtime (>= 4.3)
    System.Memory (4.5.5)
      System.Buffers (>= 4.5.1) - restriction: || (&& (== net6.0) (>= monotouch)) (&& (== net6.0) (>= net461)) (&& (== net6.0) (< netcoreapp2.0)) (&& (== net6.0) (< netstandard1.1)) (&& (== net6.0) (< netstandard2.0)) (&& (== net6.0) (>= xamarinios)) (&& (== net6.0) (>= xamarinmac)) (&& (== net6.0) (>= xamarintvos)) (&& (== net6.0) (>= xamarinwatchos)) (== netstandard2.0)
      System.Numerics.Vectors (>= 4.4) - restriction: || (&& (== net6.0) (< netcoreapp2.0)) (== netstandard2.0)
      System.Runtime.CompilerServices.Unsafe (>= 4.5.3) - restriction: || (&& (== net6.0) (>= monotouch)) (&& (== net6.0) (>= net461)) (&& (== net6.0) (< netcoreapp2.0)) (&& (== net6.0) (< netcoreapp2.1)) (&& (== net6.0) (< netstandard1.1)) (&& (== net6.0) (< netstandard2.0)) (&& (== net6.0) (>= uap10.1)) (&& (== net6.0) (>= xamarinios)) (&& (== net6.0) (>= xamarinmac)) (&& (== net6.0) (>= xamarintvos)) (&& (== net6.0) (>= xamarinwatchos)) (== netstandard2.0)
    System.Net.Http (4.3.4)
      Microsoft.NETCore.Platforms (>= 1.1.1)
      runtime.native.System (>= 4.3)
      runtime.native.System.Net.Http (>= 4.3)
      runtime.native.System.Security.Cryptography.OpenSsl (>= 4.3.2)
      System.Collections (>= 4.3)
      System.Diagnostics.Debug (>= 4.3)
      System.Diagnostics.DiagnosticSource (>= 4.3)
      System.Diagnostics.Tracing (>= 4.3)
      System.Globalization (>= 4.3)
      System.Globalization.Extensions (>= 4.3)
      System.IO (>= 4.3)
      System.IO.FileSystem (>= 4.3)
      System.Net.Primitives (>= 4.3)
      System.Resources.ResourceManager (>= 4.3)
      System.Runtime (>= 4.3)
      System.Runtime.Extensions (>= 4.3)
      System.Runtime.Handles (>= 4.3)
      System.Runtime.InteropServices (>= 4.3)
      System.Security.Cryptography.Algorithms (>= 4.3)
      System.Security.Cryptography.Encoding (>= 4.3)
      System.Security.Cryptography.OpenSsl (>= 4.3)
      System.Security.Cryptography.Primitives (>= 4.3)
      System.Security.Cryptography.X509Certificates (>= 4.3)
      System.Text.Encoding (>= 4.3)
      System.Threading (>= 4.3)
      System.Threading.Tasks (>= 4.3)
    System.Net.Primitives (4.3.1)
      Microsoft.NETCore.Platforms (>= 1.1.1)
      Microsoft.NETCore.Targets (>= 1.1.3)
      System.Runtime (>= 4.3.1)
      System.Runtime.Handles (>= 4.3)
    System.Net.Requests (4.3)
      Microsoft.NETCore.Platforms (>= 1.1)
      System.Collections (>= 4.3)
      System.Diagnostics.Debug (>= 4.3)
      System.Diagnostics.Tracing (>= 4.3)
      System.Globalization (>= 4.3)
      System.IO (>= 4.3)
      System.Net.Http (>= 4.3)
      System.Net.Primitives (>= 4.3)
      System.Net.WebHeaderCollection (>= 4.3)
      System.Resources.ResourceManager (>= 4.3)
      System.Runtime (>= 4.3)
      System.Threading (>= 4.3)
      System.Threading.Tasks (>= 4.3)
    System.Net.Security (4.3.2)
      Microsoft.NETCore.Platforms (>= 1.1)
      Microsoft.Win32.Primitives (>= 4.3)
      runtime.native.System (>= 4.3)
      runtime.native.System.Net.Security (>= 4.3)
      runtime.native.System.Security.Cryptography.OpenSsl (>= 4.3.2)
      System.Collections (>= 4.3)
      System.Collections.Concurrent (>= 4.3)
      System.Diagnostics.Tracing (>= 4.3)
      System.Globalization (>= 4.3)
      System.Globalization.Extensions (>= 4.3)
      System.IO (>= 4.3)
      System.Net.Primitives (>= 4.3)
      System.Resources.ResourceManager (>= 4.3)
      System.Runtime (>= 4.3)
      System.Runtime.Extensions (>= 4.3)
      System.Runtime.Handles (>= 4.3)
      System.Runtime.InteropServices (>= 4.3)
      System.Security.Claims (>= 4.3)
      System.Security.Cryptography.Algorithms (>= 4.3)
      System.Security.Cryptography.Encoding (>= 4.3)
      System.Security.Cryptography.OpenSsl (>= 4.3)
      System.Security.Cryptography.Primitives (>= 4.3)
      System.Security.Cryptography.X509Certificates (>= 4.3)
      System.Security.Principal (>= 4.3)
      System.Text.Encoding (>= 4.3)
      System.Threading (>= 4.3)
      System.Threading.Tasks (>= 4.3)
      System.Threading.ThreadPool (>= 4.3)
    System.Net.WebHeaderCollection (4.3)
      System.Collections (>= 4.3)
      System.Resources.ResourceManager (>= 4.3)
      System.Runtime (>= 4.3)
      System.Runtime.Extensions (>= 4.3)
    System.Numerics.Vectors (4.5) - restriction: || (&& (== net6.0) (< netcoreapp2.0)) (== netstandard2.0)
    System.ObjectModel (4.3)
      System.Collections (>= 4.3)
      System.Diagnostics.Debug (>= 4.3)
      System.Resources.ResourceManager (>= 4.3)
      System.Runtime (>= 4.3)
      System.Threading (>= 4.3)
    System.Reactive (5.0)
      System.Runtime.InteropServices.WindowsRuntime (>= 4.3) - restriction: || (&& (== net6.0) (< netcoreapp3.1)) (== netstandard2.0)
      System.Threading.Tasks.Extensions (>= 4.5.4) - restriction: || (&& (== net6.0) (>= net472)) (&& (== net6.0) (< netcoreapp3.1)) (&& (== net6.0) (>= uap10.1)) (== netstandard2.0)
    System.Reflection (4.3)
      Microsoft.NETCore.Platforms (>= 1.1)
      Microsoft.NETCore.Targets (>= 1.1)
      System.IO (>= 4.3)
      System.Reflection.Primitives (>= 4.3)
      System.Runtime (>= 4.3)
    System.Reflection.Emit (4.7)
      System.Reflection.Emit.ILGeneration (>= 4.7) - restriction: || (&& (== net6.0) (< netcoreapp2.0) (< netstandard2.1)) (&& (== net6.0) (< netstandard1.1)) (&& (== net6.0) (< netstandard2.0)) (&& (== net6.0) (>= uap10.1)) (== netstandard2.0)
    System.Reflection.Emit.ILGeneration (4.7)
    System.Reflection.Emit.Lightweight (4.7)
      System.Reflection.Emit.ILGeneration (>= 4.7) - restriction: || (&& (== net6.0) (< netcoreapp2.0) (< netstandard2.1)) (&& (== net6.0) (< netstandard2.0)) (&& (== net6.0) (< portable-net45+wp8)) (&& (== net6.0) (>= uap10.1)) (== netstandard2.0)
    System.Reflection.Extensions (4.3)
      Microsoft.NETCore.Platforms (>= 1.1)
      Microsoft.NETCore.Targets (>= 1.1)
      System.Reflection (>= 4.3)
      System.Runtime (>= 4.3)
    System.Reflection.Metadata (8.0)
      System.Collections.Immutable (>= 8.0)
    System.Reflection.MetadataLoadContext (8.0) - restriction: || (== net6.0) (&& (== netstandard2.0) (>= net472)) (&& (== netstandard2.0) (>= net6.0))
      System.Collections.Immutable (>= 8.0)
      System.Reflection.Metadata (>= 8.0)
    System.Reflection.Primitives (4.3)
      Microsoft.NETCore.Platforms (>= 1.1)
      Microsoft.NETCore.Targets (>= 1.1)
      System.Runtime (>= 4.3)
    System.Reflection.TypeExtensions (4.7)
    System.Resources.Extensions (8.0)
      System.Memory (>= 4.5.5) - restriction: || (&& (== net6.0) (>= net462)) (== netstandard2.0)
    System.Resources.ResourceManager (4.3)
      Microsoft.NETCore.Platforms (>= 1.1)
      Microsoft.NETCore.Targets (>= 1.1)
      System.Globalization (>= 4.3)
      System.Reflection (>= 4.3)
      System.Runtime (>= 4.3)
    System.Runtime (4.3.1)
      Microsoft.NETCore.Platforms (>= 1.1.1)
      Microsoft.NETCore.Targets (>= 1.1.3)
    System.Runtime.CompilerServices.Unsafe (6.0)
    System.Runtime.Extensions (4.3.1)
      Microsoft.NETCore.Platforms (>= 1.1.1)
      Microsoft.NETCore.Targets (>= 1.1.3)
      System.Runtime (>= 4.3.1)
    System.Runtime.Handles (4.3)
      Microsoft.NETCore.Platforms (>= 1.1)
      Microsoft.NETCore.Targets (>= 1.1)
      System.Runtime (>= 4.3)
    System.Runtime.InteropServices (4.3)
      Microsoft.NETCore.Platforms (>= 1.1)
      Microsoft.NETCore.Targets (>= 1.1)
      System.Reflection (>= 4.3)
      System.Reflection.Primitives (>= 4.3)
      System.Runtime (>= 4.3)
      System.Runtime.Handles (>= 4.3)
    System.Runtime.InteropServices.WindowsRuntime (4.3) - restriction: || (&& (== net6.0) (< netcoreapp3.1)) (== netstandard2.0)
      System.Runtime (>= 4.3)
    System.Runtime.Loader (4.3)
      System.IO (>= 4.3)
      System.Reflection (>= 4.3)
      System.Runtime (>= 4.3)
    System.Runtime.Numerics (4.3)
      System.Globalization (>= 4.3)
      System.Resources.ResourceManager (>= 4.3)
      System.Runtime (>= 4.3)
      System.Runtime.Extensions (>= 4.3)
    System.Security.AccessControl (6.0.1) - restriction: || (&& (== net6.0) (>= net462)) (== netstandard2.0)
      System.Security.Principal.Windows (>= 5.0) - restriction: || (&& (== net6.0) (>= net461)) (== netstandard2.0)
    System.Security.Claims (4.3)
      System.Collections (>= 4.3)
      System.Globalization (>= 4.3)
      System.IO (>= 4.3)
      System.Resources.ResourceManager (>= 4.3)
      System.Runtime (>= 4.3)
      System.Runtime.Extensions (>= 4.3)
      System.Security.Principal (>= 4.3)
    System.Security.Cryptography.Algorithms (4.3.1)
      Microsoft.NETCore.Platforms (>= 1.1)
      runtime.native.System.Security.Cryptography.Apple (>= 4.3.1)
      runtime.native.System.Security.Cryptography.OpenSsl (>= 4.3.2)
      System.Collections (>= 4.3)
      System.IO (>= 4.3)
      System.Resources.ResourceManager (>= 4.3)
      System.Runtime (>= 4.3)
      System.Runtime.Extensions (>= 4.3)
      System.Runtime.Handles (>= 4.3)
      System.Runtime.InteropServices (>= 4.3)
      System.Runtime.Numerics (>= 4.3)
      System.Security.Cryptography.Encoding (>= 4.3)
      System.Security.Cryptography.Primitives (>= 4.3)
      System.Text.Encoding (>= 4.3)
    System.Security.Cryptography.Cng (5.0)
    System.Security.Cryptography.Csp (4.3)
      Microsoft.NETCore.Platforms (>= 1.1)
      System.IO (>= 4.3)
      System.Reflection (>= 4.3)
      System.Resources.ResourceManager (>= 4.3)
      System.Runtime (>= 4.3)
      System.Runtime.Extensions (>= 4.3)
      System.Runtime.Handles (>= 4.3)
      System.Runtime.InteropServices (>= 4.3)
      System.Security.Cryptography.Algorithms (>= 4.3)
      System.Security.Cryptography.Encoding (>= 4.3)
      System.Security.Cryptography.Primitives (>= 4.3)
      System.Text.Encoding (>= 4.3)
      System.Threading (>= 4.3)
    System.Security.Cryptography.Encoding (4.3)
      Microsoft.NETCore.Platforms (>= 1.1)
      runtime.native.System.Security.Cryptography.OpenSsl (>= 4.3)
      System.Collections (>= 4.3)
      System.Collections.Concurrent (>= 4.3)
      System.Linq (>= 4.3)
      System.Resources.ResourceManager (>= 4.3)
      System.Runtime (>= 4.3)
      System.Runtime.Extensions (>= 4.3)
      System.Runtime.Handles (>= 4.3)
      System.Runtime.InteropServices (>= 4.3)
      System.Security.Cryptography.Primitives (>= 4.3)
      System.Text.Encoding (>= 4.3)
    System.Security.Cryptography.OpenSsl (5.0)
      System.Formats.Asn1 (>= 5.0) - restriction: || (== net6.0) (&& (== netstandard2.0) (>= netcoreapp3.0))
    System.Security.Cryptography.Pkcs (8.0)
      System.Buffers (>= 4.5.1) - restriction: || (&& (== net6.0) (< netstandard2.1)) (== netstandard2.0)
      System.Formats.Asn1 (>= 8.0)
      System.Memory (>= 4.5.5) - restriction: || (&& (== net6.0) (< netstandard2.1)) (== netstandard2.0)
      System.Security.Cryptography.Cng (>= 5.0) - restriction: || (&& (== net6.0) (< netstandard2.1)) (== netstandard2.0)
    System.Security.Cryptography.Primitives (4.3)
      System.Diagnostics.Debug (>= 4.3)
      System.Globalization (>= 4.3)
      System.IO (>= 4.3)
      System.Resources.ResourceManager (>= 4.3)
      System.Runtime (>= 4.3)
      System.Threading (>= 4.3)
      System.Threading.Tasks (>= 4.3)
    System.Security.Cryptography.ProtectedData (8.0)
    System.Security.Cryptography.X509Certificates (4.3.2)
      Microsoft.NETCore.Platforms (>= 1.1)
      runtime.native.System (>= 4.3)
      runtime.native.System.Net.Http (>= 4.3)
      runtime.native.System.Security.Cryptography.OpenSsl (>= 4.3.2)
      System.Collections (>= 4.3)
      System.Diagnostics.Debug (>= 4.3)
      System.Globalization (>= 4.3)
      System.Globalization.Calendars (>= 4.3)
      System.IO (>= 4.3)
      System.IO.FileSystem (>= 4.3)
      System.IO.FileSystem.Primitives (>= 4.3)
      System.Resources.ResourceManager (>= 4.3)
      System.Runtime (>= 4.3)
      System.Runtime.Extensions (>= 4.3)
      System.Runtime.Handles (>= 4.3)
      System.Runtime.InteropServices (>= 4.3)
      System.Runtime.Numerics (>= 4.3)
      System.Security.Cryptography.Algorithms (>= 4.3)
      System.Security.Cryptography.Cng (>= 4.3)
      System.Security.Cryptography.Csp (>= 4.3)
      System.Security.Cryptography.Encoding (>= 4.3)
      System.Security.Cryptography.OpenSsl (>= 4.3)
      System.Security.Cryptography.Primitives (>= 4.3)
      System.Text.Encoding (>= 4.3)
      System.Threading (>= 4.3)
    System.Security.Cryptography.Xml (8.0.1)
      System.Memory (>= 4.5.5) - restriction: == netstandard2.0
      System.Security.AccessControl (>= 6.0) - restriction: == netstandard2.0
      System.Security.Cryptography.Pkcs (>= 8.0)
    System.Security.Permissions (8.0)
      System.Security.AccessControl (>= 6.0) - restriction: || (&& (== net6.0) (>= net462)) (== netstandard2.0)
      System.Windows.Extensions (>= 8.0) - restriction: || (== net6.0) (&& (== netstandard2.0) (>= net6.0))
    System.Security.Principal (4.3)
      System.Runtime (>= 4.3)
    System.Security.Principal.Windows (5.0)
    System.Text.Encoding (4.3)
      Microsoft.NETCore.Platforms (>= 1.1)
      Microsoft.NETCore.Targets (>= 1.1)
      System.Runtime (>= 4.3)
    System.Text.Encoding.CodePages (8.0)
      System.Runtime.CompilerServices.Unsafe (>= 6.0)
    System.Text.Encoding.Extensions (4.3)
      Microsoft.NETCore.Platforms (>= 1.1)
      Microsoft.NETCore.Targets (>= 1.1)
      System.Runtime (>= 4.3)
      System.Text.Encoding (>= 4.3)
    System.Text.Encodings.Web (8.0) - restriction: || (== net6.0) (&& (== netstandard2.0) (>= net472)) (&& (== netstandard2.0) (>= net6.0))
      System.Runtime.CompilerServices.Unsafe (>= 6.0)
    System.Text.Json (8.0.4)
      System.Runtime.CompilerServices.Unsafe (>= 6.0)
      System.Text.Encodings.Web (>= 8.0)
    System.Threading (4.3)
      System.Runtime (>= 4.3)
      System.Threading.Tasks (>= 4.3)
    System.Threading.Tasks (4.3)
      Microsoft.NETCore.Platforms (>= 1.1)
      Microsoft.NETCore.Targets (>= 1.1)
      System.Runtime (>= 4.3)
    System.Threading.Tasks.Dataflow (8.0.1)
    System.Threading.Tasks.Extensions (4.5.4) - restriction: || (&& (== net6.0) (>= net472)) (&& (== net6.0) (< netcoreapp3.1)) (&& (== net6.0) (>= uap10.1)) (== netstandard2.0)
      System.Runtime.CompilerServices.Unsafe (>= 4.5.3) - restriction: || (&& (== net6.0) (>= net461)) (&& (== net6.0) (< netcoreapp2.1)) (&& (== net6.0) (< netstandard1.0)) (&& (== net6.0) (< netstandard2.0)) (&& (== net6.0) (>= wp8)) (== netstandard2.0)
    System.Threading.Tasks.Parallel (4.3)
      System.Collections.Concurrent (>= 4.3)
      System.Diagnostics.Debug (>= 4.3)
      System.Diagnostics.Tracing (>= 4.3)
      System.Resources.ResourceManager (>= 4.3)
      System.Runtime (>= 4.3)
      System.Runtime.Extensions (>= 4.3)
      System.Threading (>= 4.3)
      System.Threading.Tasks (>= 4.3)
    System.Threading.Thread (4.3)
      System.Runtime (>= 4.3)
    System.Threading.ThreadPool (4.3)
      System.Runtime (>= 4.3)
      System.Runtime.Handles (>= 4.3)
    System.Windows.Extensions (8.0) - restriction: || (== net6.0) (&& (== netstandard2.0) (>= net6.0))

GROUP Test
RESTRICTION: == net6.0
NUGET
  remote: https://api.nuget.org/v3/index.json
    FSharp.Compiler.Service (41.0.7)
      FSharp.Core (6.0.7)
      Microsoft.Build.Framework (>= 17.0)
      Microsoft.Build.Tasks.Core (>= 17.0)
      Microsoft.Build.Utilities.Core (>= 17.0)
      System.Buffers (>= 4.5.1)
      System.Collections.Immutable (>= 5.0)
      System.Diagnostics.Process (>= 4.3)
      System.Diagnostics.TraceSource (>= 4.3)
      System.Linq.Expressions (>= 4.3)
      System.Linq.Queryable (>= 4.3)
      System.Memory (>= 4.5.4)
      System.Net.Requests (>= 4.3)
      System.Net.Security (>= 4.3.1)
      System.Reflection.Emit (>= 4.3)
      System.Reflection.Metadata (>= 5.0)
      System.Reflection.TypeExtensions (>= 4.3)
      System.Runtime (>= 4.3)
      System.Runtime.CompilerServices.Unsafe (>= 6.0)
      System.Runtime.InteropServices (>= 4.3)
      System.Runtime.Loader (>= 4.3)
      System.Security.Claims (>= 4.3)
      System.Security.Cryptography.Algorithms (>= 4.3)
      System.Security.Principal (>= 4.3)
      System.Threading.Tasks.Parallel (>= 4.3)
      System.Threading.Thread (>= 4.3)
      System.Threading.ThreadPool (>= 4.3)
    FSharp.Core (6.0.7)
    FsUnit (6.0)
      FSharp.Core (>= 5.0.2)
      NUnit (>= 4.0.1)
    Microsoft.Build.Framework (17.11.4)
      Microsoft.Win32.Registry (>= 5.0)
      System.Memory (>= 4.5.5)
      System.Runtime.CompilerServices.Unsafe (>= 6.0)
      System.Security.Principal.Windows (>= 5.0)
    Microsoft.Build.Tasks.Core (17.11.4)
      Microsoft.Build.Framework (>= 17.11.4)
      Microsoft.Build.Utilities.Core (>= 17.11.4)
      Microsoft.NET.StringTools (>= 17.11.4)
      Microsoft.Win32.Registry (>= 5.0)
      System.CodeDom (>= 8.0)
      System.Collections.Immutable (>= 8.0)
      System.Configuration.ConfigurationManager (>= 8.0)
      System.Memory (>= 4.5.5)
      System.Reflection.Metadata (>= 8.0)
      System.Resources.Extensions (>= 8.0)
      System.Runtime.CompilerServices.Unsafe (>= 6.0)
      System.Security.Cryptography.Pkcs (>= 8.0)
      System.Security.Cryptography.Xml (>= 8.0)
      System.Security.Principal.Windows (>= 5.0)
      System.Text.Encoding.CodePages (>= 7.0)
      System.Threading.Tasks.Dataflow (>= 8.0)
    Microsoft.Build.Utilities.Core (17.11.4)
      Microsoft.Build.Framework (>= 17.11.4)
      Microsoft.NET.StringTools (>= 17.11.4)
      Microsoft.Win32.Registry (>= 5.0)
      System.Collections.Immutable (>= 8.0)
      System.Configuration.ConfigurationManager (>= 8.0)
      System.Memory (>= 4.5.5)
      System.Runtime.CompilerServices.Unsafe (>= 6.0)
      System.Security.Principal.Windows (>= 5.0)
      System.Text.Encoding.CodePages (>= 7.0)
    Microsoft.CodeCoverage (17.11.1)
    Microsoft.NET.StringTools (17.11.4)
      System.Memory (>= 4.5.5)
      System.Runtime.CompilerServices.Unsafe (>= 6.0)
    Microsoft.NET.Test.Sdk (17.11.1)
      Microsoft.CodeCoverage (>= 17.11.1)
      Microsoft.TestPlatform.TestHost (>= 17.11.1)
    Microsoft.NETCore.Platforms (7.0.4)
    Microsoft.NETCore.Targets (5.0)
    Microsoft.TestPlatform.ObjectModel (17.11.1)
      System.Reflection.Metadata (>= 1.6)
    Microsoft.TestPlatform.TestHost (17.11.1)
      Microsoft.TestPlatform.ObjectModel (>= 17.11.1)
      Newtonsoft.Json (>= 13.0.1)
    Microsoft.Win32.Primitives (4.3)
      Microsoft.NETCore.Platforms (>= 1.1)
      Microsoft.NETCore.Targets (>= 1.1)
      System.Runtime (>= 4.3)
    Microsoft.Win32.Registry (5.0)
      System.Security.AccessControl (>= 5.0)
      System.Security.Principal.Windows (>= 5.0)
    Newtonsoft.Json (13.0.3)
    NUnit (4.2.2)
    NUnit.Console (3.18.1)
      NUnit.ConsoleRunner (>= 3.18.1)
      NUnit.Extension.NUnitProjectLoader (>= 3.6)
      NUnit.Extension.NUnitV2Driver (>= 3.8)
      NUnit.Extension.NUnitV2ResultWriter (>= 3.6)
      NUnit.Extension.TeamCityEventListener (>= 1.0.7)
      NUnit.Extension.VSProjectLoader (>= 3.8)
    NUnit.ConsoleRunner (3.18.1)
    NUnit.Extension.NUnitProjectLoader (3.8)
    NUnit.Extension.NUnitV2Driver (3.9)
    NUnit.Extension.NUnitV2ResultWriter (3.8)
    NUnit.Extension.TeamCityEventListener (1.0.9)
    NUnit.Extension.VSProjectLoader (3.9)
    NUnit3TestAdapter (4.6.0) - version_in_path: true
    runtime.debian.8-x64.runtime.native.System.Security.Cryptography.OpenSsl (4.3.3)
    runtime.debian.9-x64.runtime.native.System.Security.Cryptography.OpenSsl (4.3.3)
    runtime.fedora.23-x64.runtime.native.System.Security.Cryptography.OpenSsl (4.3.3)
    runtime.fedora.24-x64.runtime.native.System.Security.Cryptography.OpenSsl (4.3.3)
    runtime.fedora.27-x64.runtime.native.System.Security.Cryptography.OpenSsl (4.3.3)
    runtime.fedora.28-x64.runtime.native.System.Security.Cryptography.OpenSsl (4.3.3)
    runtime.native.System (4.3.1)
      Microsoft.NETCore.Platforms (>= 1.1.1)
      Microsoft.NETCore.Targets (>= 1.1.3)
    runtime.native.System.Net.Http (4.3.1)
      Microsoft.NETCore.Platforms (>= 1.1.1)
      Microsoft.NETCore.Targets (>= 1.1.3)
    runtime.native.System.Net.Security (4.3.1)
      Microsoft.NETCore.Platforms (>= 1.1.1)
      Microsoft.NETCore.Targets (>= 1.1.3)
    runtime.native.System.Security.Cryptography.Apple (4.3.1)
      runtime.osx.10.10-x64.runtime.native.System.Security.Cryptography.Apple (>= 4.3.1)
    runtime.native.System.Security.Cryptography.OpenSsl (4.3.3)
      runtime.debian.8-x64.runtime.native.System.Security.Cryptography.OpenSsl (>= 4.3.3)
      runtime.debian.9-x64.runtime.native.System.Security.Cryptography.OpenSsl (>= 4.3.3)
      runtime.fedora.23-x64.runtime.native.System.Security.Cryptography.OpenSsl (>= 4.3.3)
      runtime.fedora.24-x64.runtime.native.System.Security.Cryptography.OpenSsl (>= 4.3.3)
      runtime.fedora.27-x64.runtime.native.System.Security.Cryptography.OpenSsl (>= 4.3.3)
      runtime.fedora.28-x64.runtime.native.System.Security.Cryptography.OpenSsl (>= 4.3.3)
      runtime.opensuse.13.2-x64.runtime.native.System.Security.Cryptography.OpenSsl (>= 4.3.3)
      runtime.opensuse.42.1-x64.runtime.native.System.Security.Cryptography.OpenSsl (>= 4.3.3)
      runtime.opensuse.42.3-x64.runtime.native.System.Security.Cryptography.OpenSsl (>= 4.3.3)
      runtime.osx.10.10-x64.runtime.native.System.Security.Cryptography.OpenSsl (>= 4.3.3)
      runtime.rhel.7-x64.runtime.native.System.Security.Cryptography.OpenSsl (>= 4.3.3)
      runtime.ubuntu.14.04-x64.runtime.native.System.Security.Cryptography.OpenSsl (>= 4.3.3)
      runtime.ubuntu.16.04-x64.runtime.native.System.Security.Cryptography.OpenSsl (>= 4.3.3)
      runtime.ubuntu.16.10-x64.runtime.native.System.Security.Cryptography.OpenSsl (>= 4.3.3)
      runtime.ubuntu.18.04-x64.runtime.native.System.Security.Cryptography.OpenSsl (>= 4.3.3)
    runtime.opensuse.13.2-x64.runtime.native.System.Security.Cryptography.OpenSsl (4.3.3)
    runtime.opensuse.42.1-x64.runtime.native.System.Security.Cryptography.OpenSsl (4.3.3)
    runtime.opensuse.42.3-x64.runtime.native.System.Security.Cryptography.OpenSsl (4.3.3)
    runtime.osx.10.10-x64.runtime.native.System.Security.Cryptography.Apple (4.3.1)
    runtime.osx.10.10-x64.runtime.native.System.Security.Cryptography.OpenSsl (4.3.3)
    runtime.rhel.7-x64.runtime.native.System.Security.Cryptography.OpenSsl (4.3.3)
    runtime.ubuntu.14.04-x64.runtime.native.System.Security.Cryptography.OpenSsl (4.3.3)
    runtime.ubuntu.16.04-x64.runtime.native.System.Security.Cryptography.OpenSsl (4.3.3)
    runtime.ubuntu.16.10-x64.runtime.native.System.Security.Cryptography.OpenSsl (4.3.3)
    runtime.ubuntu.18.04-x64.runtime.native.System.Security.Cryptography.OpenSsl (4.3.3)
    System.Buffers (4.5.1)
    System.CodeDom (8.0)
    System.Collections (4.3)
      Microsoft.NETCore.Platforms (>= 1.1)
      Microsoft.NETCore.Targets (>= 1.1)
      System.Runtime (>= 4.3)
    System.Collections.Concurrent (4.3)
      System.Collections (>= 4.3)
      System.Diagnostics.Debug (>= 4.3)
      System.Diagnostics.Tracing (>= 4.3)
      System.Globalization (>= 4.3)
      System.Reflection (>= 4.3)
      System.Resources.ResourceManager (>= 4.3)
      System.Runtime (>= 4.3)
      System.Runtime.Extensions (>= 4.3)
      System.Threading (>= 4.3)
      System.Threading.Tasks (>= 4.3)
    System.Collections.Immutable (8.0)
      System.Runtime.CompilerServices.Unsafe (>= 6.0)
    System.Configuration.ConfigurationManager (8.0)
      System.Security.Cryptography.ProtectedData (>= 8.0)
    System.Diagnostics.Debug (4.3)
      Microsoft.NETCore.Platforms (>= 1.1)
      Microsoft.NETCore.Targets (>= 1.1)
      System.Runtime (>= 4.3)
    System.Diagnostics.DiagnosticSource (8.0.1)
      System.Runtime.CompilerServices.Unsafe (>= 6.0)
    System.Diagnostics.Process (4.3)
      Microsoft.NETCore.Platforms (>= 1.1)
      Microsoft.Win32.Primitives (>= 4.3)
      Microsoft.Win32.Registry (>= 4.3)
      runtime.native.System (>= 4.3)
      System.Collections (>= 4.3)
      System.Diagnostics.Debug (>= 4.3)
      System.Globalization (>= 4.3)
      System.IO (>= 4.3)
      System.IO.FileSystem (>= 4.3)
      System.IO.FileSystem.Primitives (>= 4.3)
      System.Resources.ResourceManager (>= 4.3)
      System.Runtime (>= 4.3)
      System.Runtime.Extensions (>= 4.3)
      System.Runtime.Handles (>= 4.3)
      System.Runtime.InteropServices (>= 4.3)
      System.Text.Encoding (>= 4.3)
      System.Text.Encoding.Extensions (>= 4.3)
      System.Threading (>= 4.3)
      System.Threading.Tasks (>= 4.3)
      System.Threading.Thread (>= 4.3)
      System.Threading.ThreadPool (>= 4.3)
    System.Diagnostics.TraceSource (4.3)
      Microsoft.NETCore.Platforms (>= 1.1)
      runtime.native.System (>= 4.3)
      System.Collections (>= 4.3)
      System.Diagnostics.Debug (>= 4.3)
      System.Globalization (>= 4.3)
      System.Resources.ResourceManager (>= 4.3)
      System.Runtime (>= 4.3)
      System.Runtime.Extensions (>= 4.3)
      System.Threading (>= 4.3)
    System.Diagnostics.Tracing (4.3)
      Microsoft.NETCore.Platforms (>= 1.1)
      Microsoft.NETCore.Targets (>= 1.1)
      System.Runtime (>= 4.3)
    System.Formats.Asn1 (8.0.1)
    System.Globalization (4.3)
      Microsoft.NETCore.Platforms (>= 1.1)
      Microsoft.NETCore.Targets (>= 1.1)
      System.Runtime (>= 4.3)
    System.Globalization.Calendars (4.3)
      Microsoft.NETCore.Platforms (>= 1.1)
      Microsoft.NETCore.Targets (>= 1.1)
      System.Globalization (>= 4.3)
      System.Runtime (>= 4.3)
    System.Globalization.Extensions (4.3)
      Microsoft.NETCore.Platforms (>= 1.1)
      System.Globalization (>= 4.3)
      System.Resources.ResourceManager (>= 4.3)
      System.Runtime (>= 4.3)
      System.Runtime.Extensions (>= 4.3)
      System.Runtime.InteropServices (>= 4.3)
    System.IO (4.3)
      Microsoft.NETCore.Platforms (>= 1.1)
      Microsoft.NETCore.Targets (>= 1.1)
      System.Runtime (>= 4.3)
      System.Text.Encoding (>= 4.3)
      System.Threading.Tasks (>= 4.3)
    System.IO.FileSystem (4.3)
      Microsoft.NETCore.Platforms (>= 1.1)
      Microsoft.NETCore.Targets (>= 1.1)
      System.IO (>= 4.3)
      System.IO.FileSystem.Primitives (>= 4.3)
      System.Runtime (>= 4.3)
      System.Runtime.Handles (>= 4.3)
      System.Text.Encoding (>= 4.3)
      System.Threading.Tasks (>= 4.3)
    System.IO.FileSystem.Primitives (4.3)
      System.Runtime (>= 4.3)
    System.Linq (4.3)
      System.Collections (>= 4.3)
      System.Diagnostics.Debug (>= 4.3)
      System.Resources.ResourceManager (>= 4.3)
      System.Runtime (>= 4.3)
      System.Runtime.Extensions (>= 4.3)
    System.Linq.Expressions (4.3)
      System.Collections (>= 4.3)
      System.Diagnostics.Debug (>= 4.3)
      System.Globalization (>= 4.3)
      System.IO (>= 4.3)
      System.Linq (>= 4.3)
      System.ObjectModel (>= 4.3)
      System.Reflection (>= 4.3)
      System.Reflection.Emit (>= 4.3)
      System.Reflection.Emit.ILGeneration (>= 4.3)
      System.Reflection.Emit.Lightweight (>= 4.3)
      System.Reflection.Extensions (>= 4.3)
      System.Reflection.Primitives (>= 4.3)
      System.Reflection.TypeExtensions (>= 4.3)
      System.Resources.ResourceManager (>= 4.3)
      System.Runtime (>= 4.3)
      System.Runtime.Extensions (>= 4.3)
      System.Threading (>= 4.3)
    System.Linq.Queryable (4.3)
      System.Collections (>= 4.3)
      System.Diagnostics.Debug (>= 4.3)
      System.Linq (>= 4.3)
      System.Linq.Expressions (>= 4.3)
      System.Reflection (>= 4.3)
      System.Reflection.Extensions (>= 4.3)
      System.Resources.ResourceManager (>= 4.3)
      System.Runtime (>= 4.3)
    System.Memory (4.5.5)
    System.Net.Http (4.3.4)
      Microsoft.NETCore.Platforms (>= 1.1.1)
      runtime.native.System (>= 4.3)
      runtime.native.System.Net.Http (>= 4.3)
      runtime.native.System.Security.Cryptography.OpenSsl (>= 4.3.2)
      System.Collections (>= 4.3)
      System.Diagnostics.Debug (>= 4.3)
      System.Diagnostics.DiagnosticSource (>= 4.3)
      System.Diagnostics.Tracing (>= 4.3)
      System.Globalization (>= 4.3)
      System.Globalization.Extensions (>= 4.3)
      System.IO (>= 4.3)
      System.IO.FileSystem (>= 4.3)
      System.Net.Primitives (>= 4.3)
      System.Resources.ResourceManager (>= 4.3)
      System.Runtime (>= 4.3)
      System.Runtime.Extensions (>= 4.3)
      System.Runtime.Handles (>= 4.3)
      System.Runtime.InteropServices (>= 4.3)
      System.Security.Cryptography.Algorithms (>= 4.3)
      System.Security.Cryptography.Encoding (>= 4.3)
      System.Security.Cryptography.OpenSsl (>= 4.3)
      System.Security.Cryptography.Primitives (>= 4.3)
      System.Security.Cryptography.X509Certificates (>= 4.3)
      System.Text.Encoding (>= 4.3)
      System.Threading (>= 4.3)
      System.Threading.Tasks (>= 4.3)
    System.Net.Primitives (4.3.1)
      Microsoft.NETCore.Platforms (>= 1.1.1)
      Microsoft.NETCore.Targets (>= 1.1.3)
      System.Runtime (>= 4.3.1)
      System.Runtime.Handles (>= 4.3)
    System.Net.Requests (4.3)
      Microsoft.NETCore.Platforms (>= 1.1)
      System.Collections (>= 4.3)
      System.Diagnostics.Debug (>= 4.3)
      System.Diagnostics.Tracing (>= 4.3)
      System.Globalization (>= 4.3)
      System.IO (>= 4.3)
      System.Net.Http (>= 4.3)
      System.Net.Primitives (>= 4.3)
      System.Net.WebHeaderCollection (>= 4.3)
      System.Resources.ResourceManager (>= 4.3)
      System.Runtime (>= 4.3)
      System.Threading (>= 4.3)
      System.Threading.Tasks (>= 4.3)
    System.Net.Security (4.3.2)
      Microsoft.NETCore.Platforms (>= 1.1)
      Microsoft.Win32.Primitives (>= 4.3)
      runtime.native.System (>= 4.3)
      runtime.native.System.Net.Security (>= 4.3)
      runtime.native.System.Security.Cryptography.OpenSsl (>= 4.3.2)
      System.Collections (>= 4.3)
      System.Collections.Concurrent (>= 4.3)
      System.Diagnostics.Tracing (>= 4.3)
      System.Globalization (>= 4.3)
      System.Globalization.Extensions (>= 4.3)
      System.IO (>= 4.3)
      System.Net.Primitives (>= 4.3)
      System.Resources.ResourceManager (>= 4.3)
      System.Runtime (>= 4.3)
      System.Runtime.Extensions (>= 4.3)
      System.Runtime.Handles (>= 4.3)
      System.Runtime.InteropServices (>= 4.3)
      System.Security.Claims (>= 4.3)
      System.Security.Cryptography.Algorithms (>= 4.3)
      System.Security.Cryptography.Encoding (>= 4.3)
      System.Security.Cryptography.OpenSsl (>= 4.3)
      System.Security.Cryptography.Primitives (>= 4.3)
      System.Security.Cryptography.X509Certificates (>= 4.3)
      System.Security.Principal (>= 4.3)
      System.Text.Encoding (>= 4.3)
      System.Threading (>= 4.3)
      System.Threading.Tasks (>= 4.3)
      System.Threading.ThreadPool (>= 4.3)
    System.Net.WebHeaderCollection (4.3)
      System.Collections (>= 4.3)
      System.Resources.ResourceManager (>= 4.3)
      System.Runtime (>= 4.3)
      System.Runtime.Extensions (>= 4.3)
    System.ObjectModel (4.3)
      System.Collections (>= 4.3)
      System.Diagnostics.Debug (>= 4.3)
      System.Resources.ResourceManager (>= 4.3)
      System.Runtime (>= 4.3)
      System.Threading (>= 4.3)
    System.Reflection (4.3)
      Microsoft.NETCore.Platforms (>= 1.1)
      Microsoft.NETCore.Targets (>= 1.1)
      System.IO (>= 4.3)
      System.Reflection.Primitives (>= 4.3)
      System.Runtime (>= 4.3)
    System.Reflection.Emit (4.7)
    System.Reflection.Emit.ILGeneration (4.7)
    System.Reflection.Emit.Lightweight (4.7)
    System.Reflection.Extensions (4.3)
      Microsoft.NETCore.Platforms (>= 1.1)
      Microsoft.NETCore.Targets (>= 1.1)
      System.Reflection (>= 4.3)
      System.Runtime (>= 4.3)
    System.Reflection.Metadata (8.0)
      System.Collections.Immutable (>= 8.0)
    System.Reflection.Primitives (4.3)
      Microsoft.NETCore.Platforms (>= 1.1)
      Microsoft.NETCore.Targets (>= 1.1)
      System.Runtime (>= 4.3)
    System.Reflection.TypeExtensions (4.7)
    System.Resources.Extensions (8.0)
    System.Resources.ResourceManager (4.3)
      Microsoft.NETCore.Platforms (>= 1.1)
      Microsoft.NETCore.Targets (>= 1.1)
      System.Globalization (>= 4.3)
      System.Reflection (>= 4.3)
      System.Runtime (>= 4.3)
    System.Runtime (4.3.1)
      Microsoft.NETCore.Platforms (>= 1.1.1)
      Microsoft.NETCore.Targets (>= 1.1.3)
    System.Runtime.CompilerServices.Unsafe (6.0)
    System.Runtime.Extensions (4.3.1)
      Microsoft.NETCore.Platforms (>= 1.1.1)
      Microsoft.NETCore.Targets (>= 1.1.3)
      System.Runtime (>= 4.3.1)
    System.Runtime.Handles (4.3)
      Microsoft.NETCore.Platforms (>= 1.1)
      Microsoft.NETCore.Targets (>= 1.1)
      System.Runtime (>= 4.3)
    System.Runtime.InteropServices (4.3)
      Microsoft.NETCore.Platforms (>= 1.1)
      Microsoft.NETCore.Targets (>= 1.1)
      System.Reflection (>= 4.3)
      System.Reflection.Primitives (>= 4.3)
      System.Runtime (>= 4.3)
      System.Runtime.Handles (>= 4.3)
    System.Runtime.Loader (4.3)
      System.IO (>= 4.3)
      System.Reflection (>= 4.3)
      System.Runtime (>= 4.3)
    System.Runtime.Numerics (4.3)
      System.Globalization (>= 4.3)
      System.Resources.ResourceManager (>= 4.3)
      System.Runtime (>= 4.3)
      System.Runtime.Extensions (>= 4.3)
    System.Security.AccessControl (6.0.1)
    System.Security.Claims (4.3)
      System.Collections (>= 4.3)
      System.Globalization (>= 4.3)
      System.IO (>= 4.3)
      System.Resources.ResourceManager (>= 4.3)
      System.Runtime (>= 4.3)
      System.Runtime.Extensions (>= 4.3)
      System.Security.Principal (>= 4.3)
    System.Security.Cryptography.Algorithms (4.3.1)
      Microsoft.NETCore.Platforms (>= 1.1)
      runtime.native.System.Security.Cryptography.Apple (>= 4.3.1)
      runtime.native.System.Security.Cryptography.OpenSsl (>= 4.3.2)
      System.Collections (>= 4.3)
      System.IO (>= 4.3)
      System.Resources.ResourceManager (>= 4.3)
      System.Runtime (>= 4.3)
      System.Runtime.Extensions (>= 4.3)
      System.Runtime.Handles (>= 4.3)
      System.Runtime.InteropServices (>= 4.3)
      System.Runtime.Numerics (>= 4.3)
      System.Security.Cryptography.Encoding (>= 4.3)
      System.Security.Cryptography.Primitives (>= 4.3)
      System.Text.Encoding (>= 4.3)
    System.Security.Cryptography.Cng (5.0)
      System.Formats.Asn1 (>= 5.0)
    System.Security.Cryptography.Csp (4.3)
      Microsoft.NETCore.Platforms (>= 1.1)
      System.IO (>= 4.3)
      System.Reflection (>= 4.3)
      System.Resources.ResourceManager (>= 4.3)
      System.Runtime (>= 4.3)
      System.Runtime.Extensions (>= 4.3)
      System.Runtime.Handles (>= 4.3)
      System.Runtime.InteropServices (>= 4.3)
      System.Security.Cryptography.Algorithms (>= 4.3)
      System.Security.Cryptography.Encoding (>= 4.3)
      System.Security.Cryptography.Primitives (>= 4.3)
      System.Text.Encoding (>= 4.3)
      System.Threading (>= 4.3)
    System.Security.Cryptography.Encoding (4.3)
      Microsoft.NETCore.Platforms (>= 1.1)
      runtime.native.System.Security.Cryptography.OpenSsl (>= 4.3)
      System.Collections (>= 4.3)
      System.Collections.Concurrent (>= 4.3)
      System.Linq (>= 4.3)
      System.Resources.ResourceManager (>= 4.3)
      System.Runtime (>= 4.3)
      System.Runtime.Extensions (>= 4.3)
      System.Runtime.Handles (>= 4.3)
      System.Runtime.InteropServices (>= 4.3)
      System.Security.Cryptography.Primitives (>= 4.3)
      System.Text.Encoding (>= 4.3)
    System.Security.Cryptography.OpenSsl (5.0)
      System.Formats.Asn1 (>= 5.0)
    System.Security.Cryptography.Pkcs (8.0)
      System.Formats.Asn1 (>= 8.0)
    System.Security.Cryptography.Primitives (4.3)
      System.Diagnostics.Debug (>= 4.3)
      System.Globalization (>= 4.3)
      System.IO (>= 4.3)
      System.Resources.ResourceManager (>= 4.3)
      System.Runtime (>= 4.3)
      System.Threading (>= 4.3)
      System.Threading.Tasks (>= 4.3)
    System.Security.Cryptography.ProtectedData (8.0)
    System.Security.Cryptography.X509Certificates (4.3.2)
      Microsoft.NETCore.Platforms (>= 1.1)
      runtime.native.System (>= 4.3)
      runtime.native.System.Net.Http (>= 4.3)
      runtime.native.System.Security.Cryptography.OpenSsl (>= 4.3.2)
      System.Collections (>= 4.3)
      System.Diagnostics.Debug (>= 4.3)
      System.Globalization (>= 4.3)
      System.Globalization.Calendars (>= 4.3)
      System.IO (>= 4.3)
      System.IO.FileSystem (>= 4.3)
      System.IO.FileSystem.Primitives (>= 4.3)
      System.Resources.ResourceManager (>= 4.3)
      System.Runtime (>= 4.3)
      System.Runtime.Extensions (>= 4.3)
      System.Runtime.Handles (>= 4.3)
      System.Runtime.InteropServices (>= 4.3)
      System.Runtime.Numerics (>= 4.3)
      System.Security.Cryptography.Algorithms (>= 4.3)
      System.Security.Cryptography.Cng (>= 4.3)
      System.Security.Cryptography.Csp (>= 4.3)
      System.Security.Cryptography.Encoding (>= 4.3)
      System.Security.Cryptography.OpenSsl (>= 4.3)
      System.Security.Cryptography.Primitives (>= 4.3)
      System.Text.Encoding (>= 4.3)
      System.Threading (>= 4.3)
    System.Security.Cryptography.Xml (8.0.1)
      System.Security.Cryptography.Pkcs (>= 8.0)
    System.Security.Principal (4.3)
      System.Runtime (>= 4.3)
    System.Security.Principal.Windows (5.0)
    System.Text.Encoding (4.3)
      Microsoft.NETCore.Platforms (>= 1.1)
      Microsoft.NETCore.Targets (>= 1.1)
      System.Runtime (>= 4.3)
    System.Text.Encoding.CodePages (8.0)
      System.Runtime.CompilerServices.Unsafe (>= 6.0)
    System.Text.Encoding.Extensions (4.3)
      Microsoft.NETCore.Platforms (>= 1.1)
      Microsoft.NETCore.Targets (>= 1.1)
      System.Runtime (>= 4.3)
      System.Text.Encoding (>= 4.3)
    System.Threading (4.3)
      System.Runtime (>= 4.3)
      System.Threading.Tasks (>= 4.3)
    System.Threading.Tasks (4.3)
      Microsoft.NETCore.Platforms (>= 1.1)
      Microsoft.NETCore.Targets (>= 1.1)
      System.Runtime (>= 4.3)
    System.Threading.Tasks.Dataflow (8.0.1)
    System.Threading.Tasks.Parallel (4.3)
      System.Collections.Concurrent (>= 4.3)
      System.Diagnostics.Debug (>= 4.3)
      System.Diagnostics.Tracing (>= 4.3)
      System.Resources.ResourceManager (>= 4.3)
      System.Runtime (>= 4.3)
      System.Runtime.Extensions (>= 4.3)
      System.Threading (>= 4.3)
      System.Threading.Tasks (>= 4.3)
    System.Threading.Thread (4.3)
      System.Runtime (>= 4.3)
    System.Threading.ThreadPool (4.3)
      System.Runtime (>= 4.3)
      System.Runtime.Handles (>= 4.3)
